GEM
  remote: https://rubygems.org/
  specs:
    colorize (1.1.0)
    rbtree3 (0.7.1)

PLATFORMS
  arm64-darwin-22

DEPENDENCIES
  colorize
  rbtree3

BUNDLED WITH
   2.4.14
